GEM
  remote: https://rubygems.org/
  specs:
    artii (2.1.1)
    chronic (0.10.2)
    colorize (0.7.7)
    mini_portile2 (2.0.0)
    nokogiri (1.6.7.2)
      mini_portile2 (~> 2.0.0.rc2)
    terminal-table (1.5.2)

PLATFORMS
  ruby

DEPENDENCIES
  artii (= 2.1.1)
  chronic (= 0.10.2)
  colorize (= 0.7.7)
  nokogiri
  terminal-table (= 1.5.2)

BUNDLED WITH
   1.11.2
